GEM
  remote: http://rubygems.org/
  specs:
    cool.io (1.5.0)
    elasticsearch (5.0.4)
      elasticsearch-api (= 5.0.4)
      elasticsearch-transport (= 5.0.4)
    elasticsearch-api (5.0.4)
      multi_json
    elasticsearch-transport (5.0.4)
      faraday
      multi_json
    excon (0.58.0)
    faraday (0.12.2)
      multipart-post (>= 1.2, < 3)
    fluent-plugin-elasticsearch (1.9.5)
      elasticsearch
      excon
      fluentd (>= 0.10.43)
    fluent-plugin-out-http (0.2.0)
      fluentd (>= 0.10.0, < 2)
      yajl-ruby (~> 1.0)
    fluent-plugin-rewrite-tag-filter (1.5.6)
      fluentd (>= 0.10.0, < 0.14.0)
    fluent-plugin-secure-forward (0.4.5)
      fluentd (>= 0.10.46)
      proxifier
      resolve-hostname
    fluentd (0.12.39)
      cool.io (>= 1.2.2, < 2.0.0)
      http_parser.rb (>= 0.5.1, < 0.7.0)
      json (>= 1.4.3)
      msgpack (>= 0.5.11, < 2)
      sigdump (~> 0.2.2)
      string-scrub (>= 0.0.3, <= 0.0.5)
      tzinfo (>= 1.0.0)
      tzinfo-data (>= 1.0.0)
      yajl-ruby (~> 1.0)
    http_parser.rb (0.6.0)
    json (2.1.0)
    msgpack (1.1.0)
    multi_json (1.12.1)
    multipart-post (2.0.0)
    proxifier (1.0.3)
    resolve-hostname (0.1.0)
    sigdump (0.2.4)
    string-scrub (0.0.5)
    thread_safe (0.3.6)
    tzinfo (1.2.3)
      thread_safe (~> 0.1)
    tzinfo-data (1.2017.2)
      tzinfo (>= 1.0.0)
    yajl-ruby (1.3.0)

PLATFORMS
  ruby

DEPENDENCIES
  fluent-plugin-elasticsearch (= 1.9.5)
  fluent-plugin-out-http (= 0.2.0)
  fluent-plugin-rewrite-tag-filter (= 1.5.6)
  fluent-plugin-secure-forward (= 0.4.5)
  fluentd (= 0.12.39)

BUNDLED WITH
   1.13.6
